GEM
  remote: https://rubygems.org/
  specs:
    camertron-moar-lolspeak (0.0.2)
    coderay (1.1.0)
    diff-lcs (1.2.5)
    dogeify (1.1.0)
      engtagger
    engtagger (0.2.0)
    ermahgerd (0.0.1)
    method_source (0.8.2)
    mini_portile (0.6.2)
    nokogiri (1.6.6.2)
      mini_portile (~> 0.6.0)
    pig_latin (0.0.2)
    pry (0.10.1)
      coderay (~> 1.1.0)
      method_source (~> 0.8.1)
      slop (~> 3.4)
    rspec (3.3.0)
      rspec-core (~> 3.3.0)
      rspec-expectations (~> 3.3.0)
      rspec-mocks (~> 3.3.0)
    rspec-core (3.3.2)
      rspec-support (~> 3.3.0)
    rspec-expectations (3.3.1)
      diff-lcs (>= 1.2.0, < 2.0)
      rspec-support (~> 3.3.0)
    rspec-mocks (3.3.2)
      diff-lcs (>= 1.2.0, < 2.0)
      rspec-support (~> 3.3.0)
    rspec-support (3.3.0)
    slop (3.6.0)
    yodaism (0.0.6)

PLATFORMS
  ruby

DEPENDENCIES
  camertron-moar-lolspeak (~> 0.0.2)
  dogeify
  ermahgerd
  nokogiri
  pig_latin
  pry
  rspec
  yodaism

BUNDLED WITH
   1.10.5
